GEM
  remote: http://rubygems.org/
  specs:
    activemodel (3.1.1)
      activesupport (= 3.1.1)
      builder (~> 3.0.0)
      i18n (~> 0.6)
    activesupport (3.1.1)
      multi_json (~> 1.0)
    addressable (2.2.6)
    async_sinatra (1.3.0)
      rack (>= 2.0.0)
      sinatra (>= 1.4.8)
    awesome_print (0.4.0)
    backports (3.17.1)
    bson (1.3.1)
    bson_ext (1.3.1)
    builder (3.0.0)
    chronic (0.6.5)
    daemons (1.3.1)
    em-http-request (1.0.0)
      addressable (>= 2.2.3)
      em-socksify
      eventmachine (>= 1.0.0.beta.3)
      http_parser.rb (>= 0.5.2)
    em-socksify (0.1.0)
      eventmachine
    eventmachine (1.2.7)
    fast-stemmer (1.0.0)
    haml (3.1.3)
    http_parser.rb (0.5.3)
    i18n (0.6.0)
    mongo (1.3.1)
      bson (>= 1.3.1)
    mongoid (2.3.3)
      activemodel (~> 3.1)
      mongo (~> 1.3)
      tzinfo (~> 0.3.22)
    multi_json (1.0.3)
    mustermann (1.1.1)
      ruby2_keywords (~> 0.0.1)
    nokogiri (1.5.0)
    pismo (0.7.2)
      awesome_print
      chronic
      fast-stemmer
      nokogiri
      sanitize
      shoulda
    rack (2.2.2)
    rack-protection (2.0.8.1)
      rack
    redis (2.2.2)
    redis-classy (1.0.0)
      redis-namespace (~> 1.0.0)
    redis-namespace (1.0.3)
      redis (< 3.0.0)
    ruby2_keywords (0.0.2)
    sanitize (2.0.3)
      nokogiri (>= 1.4.4, < 1.6)
    sass (3.1.10)
    shoulda (2.11.3)
    sinatra (2.0.8.1)
      mustermann (~> 1.0)
      rack (~> 2.0)
      rack-protection (= 2.0.8.1)
      tilt (~> 2.0)
    sinatra-contrib (2.0.8.1)
      backports (>= 2.8.2)
      multi_json
      mustermann (~> 1.0)
      rack-protection (= 2.0.8.1)
      sinatra (= 2.0.8.1)
      tilt (~> 2.0)
    sinatra-reloader (1.0)
      sinatra-contrib
    thin (1.7.2)
      daemons (~> 1.0, >= 1.0.9)
      eventmachine (~> 1.0, >= 1.0.4)
      rack (>= 1, < 3)
    tilt (2.0.10)
    tzinfo (0.3.30)

PLATFORMS
  ruby

DEPENDENCIES
  activesupport
  async_sinatra (>= 0.5.0)
  bson_ext
  em-http-request
  haml
  mongoid (>= 2.0)
  pismo
  redis
  redis-classy
  sass
  sinatra (>= 2.0.0)
  sinatra-reloader (>= 1.0)
  thin (>= 1.2.11)

BUNDLED WITH
   1.17.3
