GEM
  remote: http://rubygems.org/
  specs:
    activemodel (3.1.1)
      activesupport (= 3.1.1)
      builder (~> 3.0.0)
      i18n (~> 0.6)
    activesupport (3.1.1)
      multi_json (~> 1.0)
    addressable (2.2.6)
    async_sinatra (0.5.0)
      rack (>= 1.2.1)
      sinatra (>= 1.0)
    awesome_print (1.8.0)
    backports (2.3.0)
    bson (1.3.1)
    bson_ext (1.3.1)
    builder (3.0.0)
    chronic (0.10.2)
    crass (1.0.6)
    daemons (1.1.4)
    em-http-request (1.0.0)
      addressable (>= 2.2.3)
      em-socksify
      eventmachine (>= 1.0.0.beta.3)
      http_parser.rb (>= 0.5.2)
    em-socksify (0.1.0)
      eventmachine
    eventmachine (1.0.0.beta.4)
    fast-stemmer (1.0.2)
    haml (3.1.3)
    http_parser.rb (0.5.3)
    i18n (0.6.0)
    mini_portile2 (2.4.0)
    mongo (1.3.1)
      bson (>= 1.3.1)
    mongoid (2.3.3)
      activemodel (~> 3.1)
      mongo (~> 1.3)
      tzinfo (~> 0.3.22)
    multi_json (1.0.3)
    nokogiri (1.10.10)
      mini_portile2 (~> 2.4.0)
    nokogumbo (2.0.4)
      nokogiri (~> 1.8, >= 1.8.4)
    pismo (0.7.4)
      awesome_print
      chronic
      fast-stemmer
      nokogiri
      sanitize
    rack (1.3.5)
    rack-protection (1.1.4)
      rack
    rack-test (0.6.1)
      rack (>= 1.0)
    redis (2.2.2)
    redis-classy (1.0.0)
      redis-namespace (~> 1.0.0)
    redis-namespace (1.0.3)
      redis (< 3.0.0)
    sanitize (5.2.1)
      crass (~> 1.0.2)
      nokogiri (>= 1.8.0)
      nokogumbo (~> 2.0)
    sass (3.1.10)
    sinatra (1.3.1)
      rack (~> 1.3, >= 1.3.4)
      rack-protection (~> 1.1, >= 1.1.2)
      tilt (~> 1.3, >= 1.3.3)
    sinatra-contrib (1.3.1)
      backports (>= 2.0)
      eventmachine
      rack-protection
      rack-test
      sinatra (~> 1.3.0)
      tilt (~> 1.3)
    sinatra-reloader (1.0)
      sinatra-contrib
    thin (1.2.11)
      daemons (>= 1.0.9)
      eventmachine (>= 0.12.6)
      rack (>= 1.0.0)
    tilt (1.3.3)
    tzinfo (0.3.30)

PLATFORMS
  ruby

DEPENDENCIES
  activesupport
  async_sinatra
  bson_ext
  em-http-request
  haml
  mongoid (>= 2.0)
  pismo (>= 0.7.2)
  redis
  redis-classy
  sass
  sinatra
  sinatra-reloader
  thin

BUNDLED WITH
   1.17.3
